ObjectType = Image
NDims = 3
BinaryData = True
BinaryDataByteOrderMSB = False
CompressedData = False
TransformMatrix = 1 0 0 0 1 0 0 0 1
Offset = -280.67000000000007 -280.67000000000007 -280.67000000000007
CenterOfRotation = 0 0 0
AnatomicalOrientation = RAI
ElementSpacing = 4.4199999999999999 4.4199999999999999 4.4199999999999999
DimSize = 128 128 128
ElementType = MET_DOUBLE
ElementDataFile = activity_map.raw
