ObjectType = Image
NDims = 3
BinaryData = True
BinaryDataByteOrderMSB = False
CompressedData = False
TransformMatrix = 1 0 0 0 1 0 0 0 1
Offset = -254 -254 -254
CenterOfRotation = 0 0 0
AnatomicalOrientation = RAI
ElementSpacing = 4 4 4
0010|0010 = attenuation_map
DimSize = 128 128 128
ElementType = MET_DOUBLE
ElementDataFile = attenuation_map.raw
